GEM
  remote: https://rubygems.org/
  specs:
    bubble-wrap (1.7.1)
      bubble-wrap-http (= 1.7.1)
    bubble-wrap-http (1.7.1)
    motion-require (0.2.0)
    motion-support (0.2.6)
      motion-require (>= 0.0.6)
    rake (10.4.2)

PLATFORMS
  ruby

DEPENDENCIES
  bubble-wrap
  motion-support
  rake
